GEM
  remote: https://rubygems.org/
  specs:
    ast (2.4.2)
    awesome_print (1.6.1)
    coderay (1.1.1)
    concurrent-ruby (1.3.1)
    connection_pool (2.4.1)
    elasticsearch (1.0.17)
      elasticsearch-api (= 1.0.17)
      elasticsearch-transport (= 1.0.17)
    elasticsearch-api (1.0.17)
      multi_json
    elasticsearch-transport (1.0.17)
      faraday
      multi_json
    faraday (0.9.2)
      multipart-post (>= 1.2, < 3)
    ffi (1.14.2-java)
    json (2.7.2)
    json (2.7.2-java)
    language_server-protocol (3.17.0.3)
    method_source (0.8.2)
    multi_json (1.12.1)
    multipart-post (2.0.0)
    mustermann (2.0.2)
      ruby2_keywords (~> 0.0.1)
    parallel (1.24.0)
    parser (3.3.2.0)
      ast (~> 2.4.1)
      racc
    pry (0.10.3)
      coderay (~> 1.1.0)
      method_source (~> 0.8.1)
      slop (~> 3.4)
    pry (0.10.3-java)
      coderay (~> 1.1.0)
      method_source (~> 0.8.1)
      slop (~> 3.4)
      spoon (~> 0.0)
    pry-awesome_print (9.6.10)
      awesome_print (>= 1.1.0, < 999)
      pry (>= 0.9.0, < 999)
    racc (1.8.0)
    racc (1.8.0-java)
    rack (2.2.9)
    rack-protection (2.2.3)
      rack
    rainbow (3.1.1)
    redis-client (0.22.2)
      connection_pool
    regexp_parser (2.9.2)
    rexml (3.2.8)
      strscan (>= 3.0.9)
    rubocop (1.64.1)
      json (~> 2.3)
      language_server-protocol (>= 3.17.0)
      parallel (~> 1.10)
      parser (>= 3.3.0.2)
      rainbow (>= 2.2.2, < 4.0)
      regexp_parser (>= 1.8, < 3.0)
      rexml (>= 3.2.5, < 4.0)
      rubocop-ast (>= 1.31.1, < 2.0)
      ruby-progressbar (~> 1.7)
      unicode-display_width (>= 2.4.0, < 3.0)
    rubocop-ast (1.31.3)
      parser (>= 3.3.1.0)
    ruby-progressbar (1.13.0)
    ruby2_keywords (0.0.5)
    sidekiq (7.2.4)
      concurrent-ruby (< 2)
      connection_pool (>= 2.3.0)
      rack (>= 2.2.4)
      redis-client (>= 0.19.0)
    sinatra (2.2.3)
      mustermann (~> 2.0)
      rack (~> 2.2)
      rack-protection (= 2.2.3)
      tilt (~> 2.0)
    slop (3.6.0)
    spoon (0.0.4)
      ffi
    strscan (3.1.0)
    strscan (3.1.0-java)
    tilt (2.0.11)
    unicode-display_width (2.5.0)

PLATFORMS
  java
  ruby

DEPENDENCIES
  elasticsearch
  pry
  pry-awesome_print
  rubocop
  sidekiq
  sinatra

BUNDLED WITH
   1.12.5
